GIT
  remote: git@github.com:marinalimeira/moltres.git
  revision: 197fdcd8ac25aaa7f2c6498ba377e415e11d665c
  specs:
    moltres (0.2.0)
      rack

GEM
  remote: https://rubygems.org/
  specs:
    rack (1.6.4)

PLATFORMS
  ruby

DEPENDENCIES
  moltres!
